GEM
  remote: https://rubygems.org/
  specs:
    CFPropertyList (2.2.8)
    diff-lcs (1.3)
    facter (2.4.6)
      CFPropertyList (~> 2.2.6)
    fast_gettext (1.1.0)
    gettext (3.2.2)
      locale (>= 2.0.5)
      text (>= 1.3.0)
    gettext-setup (0.25)
      fast_gettext (~> 1.1.0)
      gettext (>= 3.0.2)
      locale
    hiera (3.3.1)
    json (2.1.0)
    json_pure (1.8.6)
    librarian-puppet (1.5.0)
      json
      librarianp (>= 0.5.1)
      rsync
    librarianp (0.6.3)
      thor (~> 0.15)
    locale (2.1.2)
    metaclass (0.0.4)
    mocha (1.2.1)
      metaclass (~> 0.0.1)
    puppet (4.10.1)
      CFPropertyList (~> 2.2.6)
      facter (> 2.0, < 4)
      gettext-setup (>= 0.10, < 1)
      hiera (>= 2.0, < 4)
      json_pure (~> 1.8)
      locale (~> 2.1)
    puppet-lint (2.2.1)
    puppet-syntax (2.4.0)
      rake
    puppetlabs_spec_helper (2.1.5)
      mocha (~> 1.0)
      puppet-lint (~> 2.0)
      puppet-syntax (~> 2.0)
      rspec-puppet (~> 2.0)
    rake (12.0.0)
    rspec (3.6.0)
      rspec-core (~> 3.6.0)
      rspec-expectations (~> 3.6.0)
      rspec-mocks (~> 3.6.0)
    rspec-core (3.6.0)
      rspec-support (~> 3.6.0)
    rspec-expectations (3.6.0)
      diff-lcs (>= 1.2.0, < 2.0)
      rspec-support (~> 3.6.0)
    rspec-mocks (3.6.0)
      diff-lcs (>= 1.2.0, < 2.0)
      rspec-support (~> 3.6.0)
    rspec-puppet (2.5.0)
      rspec
    rspec-support (3.6.0)
    rsync (1.0.9)
    text (1.3.1)
    thor (0.19.4)

PLATFORMS
  ruby

DEPENDENCIES
  facter (~> 2.4)
  librarian-puppet (~> 1.5)
  puppet (~> 4.0)
  puppet-lint (~> 2.0)
  puppetlabs_spec_helper (~> 2.1)

BUNDLED WITH
   1.11.2
